GEM
  remote: https://rubygems.org/
  specs:
    rufus-scheduler (3.2.0)

PLATFORMS
  x86-mingw32

DEPENDENCIES
  rufus-scheduler
