GEM
  remote: http://rubygems.org/
  specs:
    rufus-scheduler (3.2.0)

PLATFORMS
  x64-mingw32
  x86-mingw32

DEPENDENCIES
  rufus-scheduler

BUNDLED WITH
   1.13.6
